GEM
  remote: https://rubygems.org/
  specs:
    rainbow (2.0.0)
    terminal-table (1.4.5)

PLATFORMS
  ruby

DEPENDENCIES
  rainbow
  terminal-table
